GEM
  remote: https://rubygems.org/
  specs:
    builder (3.2.2)
    cucumber (1.2.1)
      builder (>= 2.1.2)
      diff-lcs (>= 1.1.3)
      gherkin (~> 2.11.0)
      json (>= 1.4.6)
    diff-lcs (1.2.4)
    gherkin (2.11.8-java)
      multi_json (~> 1.3)
    json (1.8.0-java)
    multi_json (1.7.9)
    rspec (2.14.1)
      rspec-core (~> 2.14.0)
      rspec-expectations (~> 2.14.0)
      rspec-mocks (~> 2.14.0)
    rspec-core (2.14.5)
    rspec-expectations (2.14.2)
      diff-lcs (>= 1.1.3, < 2.0)
    rspec-mocks (2.14.3)

PLATFORMS
  java

DEPENDENCIES
  cucumber (= 1.2.1)
  rspec (= 2.14.1)
